GEM
  remote: http://rubygems.org/
  specs:
    anemone (0.7.2)
      nokogiri (>= 1.3.0)
      robotex (>= 1.0.0)
    bson (1.9.2)
    bson_ext (1.9.2)
      bson (~> 1.9.2)
    mini_portile (0.6.2)
    mongo (1.9.2)
      bson (~> 1.9.2)
    nokogiri (1.6.5)
      mini_portile (~> 0.6.0)
    robotex (1.0.0)

PLATFORMS
  ruby

DEPENDENCIES
  anemone (~> 0.7.2)
  bson_ext (~> 1.9.2)
  mongo (~> 1.9.2)
  nokogiri (~> 1.6.1)
