GEM
  remote: http://rubygems.org/
  specs:
    activemodel (3.2.21)
      activesupport (= 3.2.21)
      builder (~> 3.0.0)
    activesupport (3.2.21)
      i18n (~> 0.6, >= 0.6.4)
      multi_json (~> 1.0)
    anemone (0.7.2)
      nokogiri (>= 1.3.0)
      robotex (>= 1.0.0)
    bson (1.9.2)
    bson_ext (1.9.2)
      bson (~> 1.9.2)
    builder (3.0.4)
    i18n (0.7.0)
    mini_portile (0.6.2)
    mongo (1.9.2)
      bson (~> 1.9.2)
    mongoid (3.1.6)
      activemodel (~> 3.2)
      moped (~> 1.4)
      origin (~> 1.0)
      tzinfo (~> 0.3.29)
    moped (1.5.2)
    multi_json (1.10.1)
    nokogiri (1.6.6.2)
      mini_portile (~> 0.6.0)
    origin (1.1.0)
    robotex (1.0.0)
    tzinfo (0.3.42)

PLATFORMS
  ruby

DEPENDENCIES
  anemone (~> 0.7.2)
  bson_ext (~> 1.9.2)
  mongo (~> 1.9.2)
  mongoid
  nokogiri (~> 1.6.5)
